PATH
  remote: .
  specs:
    mini_cli (0.0.1)
      puma
      rerun
      thor (~> 0.19)

GEM
  remote: https://rubygems.org/
  specs:
    celluloid (0.16.0)
      timers (~> 4.0.0)
    coderay (1.1.0)
    diff-lcs (1.2.5)
    ffi (1.9.6)
    hitimes (1.2.2)
    json (1.8.1)
    listen (2.8.3)
      celluloid (>= 0.15.2)
      rb-fsevent (>= 0.9.3)
      rb-inotify (>= 0.9)
    method_source (0.8.2)
    mini_check (0.2.0)
      json
    pry (0.10.1)
      coderay (~> 1.1.0)
      method_source (~> 0.8.1)
      slop (~> 3.4)
    puma (2.10.2)
      rack (>= 1.1, < 2.0)
    rack (1.5.2)
    rack-test (0.6.2)
      rack (>= 1.0)
    rake (10.4.2)
    rb-fsevent (0.9.4)
    rb-inotify (0.9.5)
      ffi (>= 0.5.0)
    rerun (0.10.0)
      listen (~> 2.7, >= 2.7.3)
    rspec (3.1.0)
      rspec-core (~> 3.1.0)
      rspec-expectations (~> 3.1.0)
      rspec-mocks (~> 3.1.0)
    rspec-core (3.1.7)
      rspec-support (~> 3.1.0)
    rspec-expectations (3.1.2)
      diff-lcs (>= 1.2.0, < 2.0)
      rspec-support (~> 3.1.0)
    rspec-mocks (3.1.3)
      rspec-support (~> 3.1.0)
    rspec-support (3.1.2)
    slop (3.6.0)
    thor (0.19.1)
    timers (4.0.1)
      hitimes

PLATFORMS
  ruby

DEPENDENCIES
  bundler (~> 1.3)
  mini_check
  mini_cli!
  pry
  rack-test
  rake
  rspec
